PATH
  remote: .
  specs:
    approveapi (1.0.8)
      approveapi_swagger (~> 1.0, >= 1.0.6)

GEM
  remote: https://rubygems.org/
  specs:
    approveapi_swagger (1.0.6)
      json (~> 2.1, >= 2.1.0)
      typhoeus (~> 1.0, >= 1.0.1)
    ethon (0.12.0)
      ffi (>= 1.3.0)
    ffi (1.10.0)
    json (2.2.0)
    typhoeus (1.3.1)
      ethon (>= 0.9.0)

PLATFORMS
  ruby

DEPENDENCIES
  approveapi!

BUNDLED WITH
   2.0.1
